GEM
  remote: https://rubygems.org/
  specs:
    airbrussh (1.1.1)
      sshkit (>= 1.6.1, != 1.7.0)
    capistrano (3.6.1)
      airbrussh (>= 1.0.0)
      capistrano-harrow
      i18n
      rake (>= 10.0.0)
      sshkit (>= 1.9.0)
    capistrano-deploy_hooks (0.1.0)
      capistrano (>= 3.3.0)
    capistrano-harrow (0.5.3)
    capistrano-safe-deploy-to (1.1.1)
      capistrano (>= 3.0)
    capistrano-ssh-doctor (1.0.0)
      capistrano (>= 3.1)
    capistrano-wal-e (0.1.2)
      capistrano (>= 3.1)
      sshkit (>= 1.2.0)
    dotenv (2.2.1)
    highline (1.7.8)
    i18n (0.7.0)
    net-scp (1.2.1)
      net-ssh (>= 2.6.5)
    net-ssh (3.2.0)
    rake (11.3.0)
    sshkit (1.11.4)
      net-scp (>= 1.1.2)
      net-ssh (>= 2.8.0)
    sshkit-sudo (0.1.0)
      sshkit (~> 1.8)

PLATFORMS
  ruby

DEPENDENCIES
  capistrano
  capistrano-deploy_hooks
  capistrano-safe-deploy-to
  capistrano-ssh-doctor
  capistrano-wal-e
  dotenv
  highline
  sshkit-sudo

BUNDLED WITH
   1.15.3
